PATH
  remote: .
  specs:
    autoload_reloadable (0.1.0)

GEM
  remote: https://rubygems.org/
  specs:
    activesupport (5.1.5)
      concurrent-ruby (~> 1.0, >= 1.0.2)
      i18n (~> 0.7)
      minitest (~> 5.1)
      tzinfo (~> 1.1)
    byebug (10.0.0)
    concurrent-ruby (1.0.5)
    i18n (0.9.5)
      concurrent-ruby (~> 1.0)
    minitest (5.11.3)
    rake (10.5.0)
    thread_safe (0.3.6)
    tzinfo (1.2.5)
      thread_safe (~> 0.1)

PLATFORMS
  ruby

DEPENDENCIES
  activesupport (>= 4.2)
  autoload_reloadable!
  bundler (~> 1.16)
  byebug
  minitest (~> 5.0)
  rake (~> 10.0)

BUNDLED WITH
   1.16.1
